GEM
  remote: https://rubygems.org/
  specs:
    rugged (1.1.0)

PLATFORMS
  ruby

DEPENDENCIES
  rugged (~> 1.1)

BUNDLED WITH
   2.1.2
